PATH
  remote: .
  specs:
    rspec_screenshot_dashboard (0.1.0.beta)

GEM
  remote: https://rubygems.org/
  specs:
    rake (10.5.0)

PLATFORMS
  ruby

DEPENDENCIES
  bundler (~> 1.16)
  rake (~> 10.0)
  rspec_screenshot_dashboard!

BUNDLED WITH
   1.16.1
